GEM
  remote: https://rubygems.org/
  specs:
    foreman (0.84.0)
      thor (~> 0.19.1)
    json (2.1.0)
    mustermann (1.0.2)
    puma (3.11.3)
    rack (2.0.4)
    rack-protection (2.0.1)
      rack
    sinatra (2.0.1)
      mustermann (~> 1.0)
      rack (~> 2.0)
      rack-protection (= 2.0.1)
      tilt (~> 2.0)
    thor (0.19.4)
    tilt (2.0.8)

PLATFORMS
  ruby

DEPENDENCIES
  foreman (~> 0.84.0)
  json (~> 2.1)
  puma (~> 3.11, >= 3.11.3)
  sinatra (~> 2.0, >= 2.0.1)

RUBY VERSION
   ruby 2.3.6p384

BUNDLED WITH
   1.16.1
