GEM
  remote: https://rubygems.org/
  specs:
    foreman (0.85.0)
      thor (~> 0.19.1)
    json (2.2.0)
    mustermann (1.0.3)
    puma (3.12.1)
    rack (2.0.7)
    rack-protection (2.0.5)
      rack
    sinatra (2.0.5)
      mustermann (~> 1.0)
      rack (~> 2.0)
      rack-protection (= 2.0.5)
      tilt (~> 2.0)
    thor (0.19.4)
    tilt (2.0.9)

PLATFORMS
  ruby

DEPENDENCIES
  foreman (~> 0.85)
  json (~> 2.2)
  puma (~> 3.12)
  sinatra (~> 2.0, >= 2.0.1)

RUBY VERSION
   ruby 2.4.6p354

BUNDLED WITH
   1.16.6
